GEM
  remote: http://rubygems.org/
  specs:
    activesupport (3.1.1)
      multi_json (~> 1.0)
    crack (0.3.1)
    garb (0.9.1)
      activesupport (>= 2.2.0)
      crack (>= 0.1.6)
    i18n (0.6.0)
    mail (2.3.0)
      i18n (>= 0.4.0)
      mime-types (~> 1.16)
      treetop (~> 1.4.8)
    mime-types (1.17.2)
    multi_json (1.0.3)
    oauth (0.4.5)
    polyglot (0.3.3)
    pony (1.4)
      mail (> 2.0)
    treetop (1.4.10)
      polyglot
      polyglot (>= 0.3.1)

PLATFORMS
  ruby

DEPENDENCIES
  garb
  i18n
  oauth
  pony
