GEM
  remote: http://rubygems.org/
  specs:
    activesupport (3.0.9)
    crack (0.1.8)
    garb (0.9.1)
      activesupport (>= 2.2.0)
      crack (>= 0.1.6)
    i18n (0.6.0)
    oauth (0.4.5)

PLATFORMS
  ruby

DEPENDENCIES
  garb
  i18n
  oauth
